FRAMEWORK: NET45
NUGET
  remote: https://www.nuget.org/api/v2
    Google.Protobuf (3.0)
    Grpc (1.0)
      Grpc.Core (>= 1.0)
    Grpc.Core (1.0)
      System.Interactive.Async (>= 3.0)
    Grpc.Tools (1.0)
    System.Interactive.Async (3.0)
