RESTRICTION: == net45
NUGET
  remote: https://www.nuget.org/api/v2
    Google.Protobuf (3.5.1)
    Grpc (1.9)
      Grpc.Core (>= 1.9)
    Grpc.Core (1.9)
      System.Interactive.Async (>= 3.1.1)
    Grpc.Tools (1.9)
    System.Interactive.Async (3.1.1)
