FRAMEWORK: NET45
NUGET
  remote: https://www.nuget.org/api/v2
    Google.Protobuf (3.1)
    Grpc (1.0.1)
      Grpc.Core (>= 1.0.1)
    Grpc.Core (1.0.1)
      System.Interactive.Async (>= 3.0)
    Grpc.Tools (1.0.1)
    NETStandard.Library (1.6.1)
      System.Collections.Concurrent (>= 4.3)
      System.Diagnostics.Tracing (>= 4.3)
      System.IO.Compression (>= 4.3)
      System.Net.Http (>= 4.3)
      System.Runtime.InteropServices (>= 4.3)
      System.Runtime.InteropServices.RuntimeInformation (>= 4.3)
      System.Runtime.Numerics (>= 4.3)
    System.Collections.Concurrent (4.3)
    System.Diagnostics.Tracing (4.3)
    System.Interactive.Async (3.1)
      NETStandard.Library (>= 1.6)
    System.IO.Compression (4.3)
    System.Net.Http (4.3)
    System.Runtime.InteropServices (4.3)
    System.Runtime.InteropServices.RuntimeInformation (4.3)
    System.Runtime.Numerics (4.3)
