FRAMEWORK: NET45
NUGET
  remote: https://www.nuget.org/api/v2
  specs:
    Google.Protobuf (3.0.0-beta2)
    Grpc (0.12.0)
      Grpc.Core (>= 0.12.0)
    Grpc.Core (0.12.0)
      grpc.native.csharp (>= 0.12.0)
      Ix-Async (>= 1.2.3)
    grpc.dependencies.openssl.redist (1.0.204.1)
    grpc.dependencies.zlib.redist (1.2.8.10)
    grpc.native.csharp (0.12.0)
      grpc.dependencies.openssl.redist (>= 1.0.204.1)
      grpc.dependencies.zlib.redist (>= 1.2.8.10)
    Grpc.Tools (0.12.0)
    Ix-Async (1.2.5)
    System.Collections.Immutable (1.1.37)
