NUGET
  remote: https://nuget.org/api/v2
  specs:
    Google.Protobuf (3.0.0-alpha4) - framework: >= net45
    Grpc (0.7.1) - framework: >= net45
      Grpc.Core (>= 0.7.1)
    Grpc.Core (0.7.1) - framework: >= net45
      grpc.native.csharp_ext (>= 0.11.1)
      Ix-Async (>= 1.2.3)
    grpc.dependencies.openssl.redist (1.0.2.3) - framework: >= net45
    grpc.dependencies.zlib.redist (1.2.8.9) - framework: >= net45
    grpc.native.csharp_ext (0.11.1) - framework: >= net45
      grpc.dependencies.openssl.redist (>= 1.0.2.3)
      grpc.dependencies.zlib.redist (>= 1.2.8.9)
    Grpc.Tools (0.7.1) - framework: >= net45
    Ix-Async (1.2.5) - framework: >= net45
    Microsoft.Bcl.Immutable (1.0.34) - framework: >= net45
