FRAMEWORK: NET45
NUGET
  remote: https://www.nuget.org/api/v2
  specs:
    Google.Protobuf (3.0.0-beta2)
    Grpc (0.14)
      Grpc.Core (>= 0.14)
    Grpc.Core (0.14)
      Ix-Async (>= 1.2.5)
    Grpc.Tools (0.14)
    Ix-Async (1.2.5)
    System.Collections.Immutable (1.1.37)
