RESTRICTION: == net45
NUGET
  remote: https://www.nuget.org/api/v2
    Google.Protobuf (3.4.1)
    Grpc (1.7.1)
      Grpc.Core (>= 1.7.1)
    Grpc.Core (1.7.1)
      System.Interactive.Async (>= 3.1.1)
    Grpc.Tools (1.7.1)
    System.Interactive.Async (3.1.1)
