FRAMEWORK: NET45
NUGET
  remote: https://www.nuget.org/api/v2
    Google.Protobuf (3.1)
    Grpc (1.0.1)
      Grpc.Core (>= 1.0.1)
    Grpc.Core (1.0.1)
      System.Interactive.Async (>= 3.0)
    Grpc.Tools (1.0.1)
    System.Interactive.Async (3.1.1)
