FRAMEWORK: NET45
NUGET
  remote: https://www.nuget.org/api/v2
    Google.Protobuf (3.0.0-beta4)
    Grpc (0.15)
      Grpc.Core (>= 0.15)
    Grpc.Core (0.15)
      Ix-Async (>= 1.2.5)
    Grpc.Tools (0.15)
    Ix-Async (1.2.5)
    System.Collections.Immutable (1.1.37)
